GEM
  remote: https://rubygems.org/
  specs:
    lex (0.1.0)

PLATFORMS
  x86_64-darwin-20

DEPENDENCIES
  lex

BUNDLED WITH
   2.2.18
